GEM
  remote: https://rubygems.org/
  specs:
    actioncable (7.0.5)
      actionpack (= 7.0.5)
      activesupport (= 7.0.5)
      nio4r (~> 2.0)
      websocket-driver (>= 0.6.1)
    actionmailbox (7.0.5)
      actionpack (= 7.0.5)
      activejob (= 7.0.5)
      activerecord (= 7.0.5)
      activestorage (= 7.0.5)
      activesupport (= 7.0.5)
      mail (>= 2.7.1)
      net-imap
      net-pop
      net-smtp
    actionmailer (7.0.5)
      actionpack (= 7.0.5)
      actionview (= 7.0.5)
      activejob (= 7.0.5)
      activesupport (= 7.0.5)
      mail (~> 2.5, >= 2.5.4)
      net-imap
      net-pop
      net-smtp
      rails-dom-testing (~> 2.0)
    actionpack (7.0.5)
      actionview (= 7.0.5)
      activesupport (= 7.0.5)
      rack (~> 2.0, >= 2.2.4)
      rack-test (>= 0.6.3)
      rails-dom-testing (~> 2.0)
      rails-html-sanitizer (~> 1.0, >= 1.2.0)
    actiontext (7.0.5)
      actionpack (= 7.0.5)
      activerecord (= 7.0.5)
      activestorage (= 7.0.5)
      activesupport (= 7.0.5)
      globalid (>= 0.6.0)
      nokogiri (>= 1.8.5)
    actionview (7.0.5)
      activesupport (= 7.0.5)
      builder (~> 3.1)
      erubi (~> 1.4)
      rails-dom-testing (~> 2.0)
      rails-html-sanitizer (~> 1.1, >= 1.2.0)
    active_storage_validations (1.0.4)
      activejob (>= 5.2.0)
      activemodel (>= 5.2.0)
      activestorage (>= 5.2.0)
      activesupport (>= 5.2.0)
    activejob (7.0.5)
      activesupport (= 7.0.5)
      globalid (>= 0.3.6)
    activemodel (7.0.5)
      activesupport (= 7.0.5)
    activerecord (7.0.5)
      activemodel (= 7.0.5)
      activesupport (= 7.0.5)
    activestorage (7.0.5)
      actionpack (= 7.0.5)
      activejob (= 7.0.5)
      activerecord (= 7.0.5)
      activesupport (= 7.0.5)
      marcel (~> 1.0)
      mini_mime (>= 1.1.0)
    activesupport (7.0.5)
      concurrent-ruby (~> 1.0, >= 1.0.2)
      i18n (>= 1.6, < 2)
      minitest (>= 5.1)
      tzinfo (~> 2.0)
    addressable (2.8.4)
      public_suffix (>= 2.0.2, < 6.0)
    airbrussh (1.4.1)
      sshkit (>= 1.6.1, != 1.7.0)
    aws-eventstream (1.2.0)
    aws-partitions (1.780.0)
    aws-sdk-core (3.175.0)
      aws-eventstream (~> 1, >= 1.0.2)
      aws-partitions (~> 1, >= 1.651.0)
      aws-sigv4 (~> 1.5)
      jmespath (~> 1, >= 1.6.1)
    aws-sdk-kms (1.67.0)
      aws-sdk-core (~> 3, >= 3.174.0)
      aws-sigv4 (~> 1.1)
    aws-sdk-s3 (1.126.0)
      aws-sdk-core (~> 3, >= 3.174.0)
      aws-sdk-kms (~> 1)
      aws-sigv4 (~> 1.4)
    aws-sigv4 (1.5.2)
      aws-eventstream (~> 1, >= 1.0.2)
    bcrypt (3.1.18)
    bcrypt_pbkdf (1.1.0)
    binding_of_caller (1.0.0)
      debug_inspector (>= 0.0.1)
    boolean (1.0.1)
    bootsnap (1.16.0)
      msgpack (~> 1.2)
    bugsnag (6.25.2)
      concurrent-ruby (~> 1.0)
    bugsnag-capistrano (2.1.0)
    builder (3.2.4)
    capistrano (3.17.3)
      airbrussh (>= 1.0.0)
      i18n
      rake (>= 10.0.0)
      sshkit (>= 1.9.0)
    capistrano-bundler (2.1.0)
      capistrano (~> 3.1)
    capistrano-nvm (0.0.7)
      capistrano (~> 3.1)
    capistrano-rails (1.6.2)
      capistrano (~> 3.1)
      capistrano-bundler (>= 1.1, < 3)
    capistrano-rvm (0.1.2)
      capistrano (~> 3.0)
      sshkit (~> 1.2)
    concurrent-ruby (1.2.2)
    connection_pool (2.4.1)
    crack (0.4.5)
      rexml
    crass (1.0.6)
    database_cleaner (2.0.2)
      database_cleaner-active_record (>= 2, < 3)
    database_cleaner-active_record (2.1.0)
      activerecord (>= 5.a)
      database_cleaner-core (~> 2.0.0)
    database_cleaner-core (2.0.1)
    date (3.3.3)
    debug_inspector (1.1.0)
    devise (4.9.2)
      bcrypt (~> 3.0)
      orm_adapter (~> 0.1)
      railties (>= 4.1.0)
      responders
      warden (~> 1.2.3)
    devise-jwt (0.11.0)
      devise (~> 4.0)
      warden-jwt_auth (~> 0.8)
    diff-lcs (1.5.0)
    dry-auto_inject (1.0.1)
      dry-core (~> 1.0)
      zeitwerk (~> 2.6)
    dry-configurable (1.0.1)
      dry-core (~> 1.0, < 2)
      zeitwerk (~> 2.6)
    dry-core (1.0.0)
      concurrent-ruby (~> 1.0)
      zeitwerk (~> 2.6)
    ed25519 (1.3.0)
    erubi (1.12.0)
    factory_bot (6.2.1)
      activesupport (>= 5.0.0)
    factory_bot_rails (6.2.0)
      factory_bot (~> 6.2.0)
      railties (>= 5.0.0)
    ffaker (2.21.0)
    ffi (1.15.5)
    globalid (1.1.0)
      activesupport (>= 5.0)
    hashdiff (1.0.1)
    i18n (1.14.1)
      concurrent-ruby (~> 1.0)
    image_processing (1.12.2)
      mini_magick (>= 4.9.5, < 5)
      ruby-vips (>= 2.0.17, < 3)
    jbuilder (2.11.5)
      actionview (>= 5.0.0)
      activesupport (>= 5.0.0)
    jmespath (1.6.2)
    json_expressions (0.9.0)
    json_matchers (0.11.1)
      json_schema
    json_schema (0.21.0)
    jwt (2.7.1)
    listen (3.8.0)
      rb-fsevent (~> 0.10, >= 0.10.3)
      rb-inotify (~> 0.9, >= 0.9.10)
    loofah (2.21.3)
      crass (~> 1.0.2)
      nokogiri (>= 1.12.0)
    mail (2.8.1)
      mini_mime (>= 0.1.1)
      net-imap
      net-pop
      net-smtp
    marcel (1.0.2)
    method_source (1.0.0)
    mini_magick (4.12.0)
    mini_mime (1.1.2)
    minitest (5.18.1)
    msgpack (1.7.1)
    net-imap (0.3.6)
      date
      net-protocol
    net-pop (0.1.2)
      net-protocol
    net-protocol (0.2.1)
      timeout
    net-scp (4.0.0)
      net-ssh (>= 2.6.5, < 8.0.0)
    net-smtp (0.3.3)
      net-protocol
    net-ssh (7.1.0)
    nio4r (2.5.9)
    nokogiri (1.15.2-arm64-darwin)
      racc (~> 1.4)
    nokogiri (1.15.2-x86_64-linux)
      racc (~> 1.4)
    orm_adapter (0.5.0)
    pg (1.5.3)
    public_suffix (5.0.1)
    puma (6.3.0)
      nio4r (~> 2.0)
    racc (1.7.1)
    rack (2.2.7)
    rack-cors (2.0.1)
      rack (>= 2.0.0)
    rack-test (2.1.0)
      rack (>= 1.3)
    rails (7.0.5)
      actioncable (= 7.0.5)
      actionmailbox (= 7.0.5)
      actionmailer (= 7.0.5)
      actionpack (= 7.0.5)
      actiontext (= 7.0.5)
      actionview (= 7.0.5)
      activejob (= 7.0.5)
      activemodel (= 7.0.5)
      activerecord (= 7.0.5)
      activestorage (= 7.0.5)
      activesupport (= 7.0.5)
      bundler (>= 1.15.0)
      railties (= 7.0.5)
    rails-controller-testing (1.0.5)
      actionpack (>= 5.0.1.rc1)
      actionview (>= 5.0.1.rc1)
      activesupport (>= 5.0.1.rc1)
    rails-dom-testing (2.0.3)
      activesupport (>= 4.2.0)
      nokogiri (>= 1.6)
    rails-html-sanitizer (1.6.0)
      loofah (~> 2.21)
      nokogiri (~> 1.14)
    railties (7.0.5)
      actionpack (= 7.0.5)
      activesupport (= 7.0.5)
      method_source
      rake (>= 12.2)
      thor (~> 1.0)
      zeitwerk (~> 2.5)
    rake (13.0.6)
    rb-fsevent (0.11.2)
    rb-inotify (0.10.1)
      ffi (~> 1.0)
    redcarpet (3.6.0)
    redis (5.0.6)
      redis-client (>= 0.9.0)
    redis-client (0.14.1)
      connection_pool
    responders (3.1.0)
      actionpack (>= 5.2)
      railties (>= 5.2)
    rexml (3.2.5)
    rspec-core (3.12.2)
      rspec-support (~> 3.12.0)
    rspec-expectations (3.12.3)
      diff-lcs (>= 1.2.0, < 2.0)
      rspec-support (~> 3.12.0)
    rspec-mocks (3.12.5)
      diff-lcs (>= 1.2.0, < 2.0)
      rspec-support (~> 3.12.0)
    rspec-rails (6.0.3)
      actionpack (>= 6.1)
      activesupport (>= 6.1)
      railties (>= 6.1)
      rspec-core (~> 3.12)
      rspec-expectations (~> 3.12)
      rspec-mocks (~> 3.12)
      rspec-support (~> 3.12)
    rspec-support (3.12.0)
    ruby-vips (2.1.4)
      ffi (~> 1.12)
    sidekiq (7.1.2)
      concurrent-ruby (< 2)
      connection_pool (>= 2.3.0)
      rack (>= 2.2.4)
      redis-client (>= 0.14.0)
    spring (4.1.1)
    spring-watcher-listen (2.1.0)
      listen (>= 2.7, < 4.0)
      spring (>= 4)
    sshkit (1.21.4)
      net-scp (>= 1.1.2)
      net-ssh (>= 2.8.0)
    thor (1.2.2)
    timecop (0.9.6)
    timeout (0.3.2)
    tzinfo (2.0.6)
      concurrent-ruby (~> 1.0)
    warden (1.2.9)
      rack (>= 2.0.9)
    warden-jwt_auth (0.8.0)
      dry-auto_inject (>= 0.8, < 2)
      dry-configurable (>= 0.13, < 2)
      jwt (~> 2.1)
      warden (~> 1.2)
    webmock (3.18.1)
      addressable (>= 2.8.0)
      crack (>= 0.3.2)
      hashdiff (>= 0.4.0, < 2.0.0)
    websocket-driver (0.7.5)
      websocket-extensions (>= 0.1.0)
    websocket-extensions (0.1.5)
    yard (0.9.34)
    zeitwerk (2.6.8)

PLATFORMS
  arm64-darwin-22
  x86_64-linux

DEPENDENCIES
  active_storage_validations
  aws-sdk-s3
  bcrypt_pbkdf
  binding_of_caller
  boolean
  bootsnap
  bugsnag
  bugsnag-capistrano
  capistrano
  capistrano-bundler
  capistrano-nvm
  capistrano-rails
  capistrano-rvm
  database_cleaner
  devise
  devise-jwt
  ed25519
  factory_bot_rails
  ffaker
  image_processing
  jbuilder
  json_expressions
  json_matchers
  listen
  pg
  puma
  rack-cors
  rails
  rails-controller-testing
  redcarpet
  redis
  responders
  rspec-rails
  sidekiq
  spring
  spring-watcher-listen
  timecop
  webmock
  yard

RUBY VERSION
   ruby 3.2.2p53

BUNDLED WITH
   2.4.14
